GEM
  remote: http://rubygems.org/
  specs:
    actionmailer (3.2.22.2)
      actionpack (= 3.2.22.2)
      mail (~> 2.5.4)
    actionpack (3.2.22.2)
      activemodel (= 3.2.22.2)
      activesupport (= 3.2.22.2)
      builder (~> 3.0.0)
      erubis (~> 2.7.0)
      journey (~> 1.0.4)
      rack (~> 1.4.5)
      rack-cache (~> 1.2)
      rack-test (~> 0.6.1)
      sprockets (~> 2.2.1)
    activemodel (3.2.22.2)
      activesupport (= 3.2.22.2)
      builder (~> 3.0.0)
    activerecord (3.2.22.2)
      activemodel (= 3.2.22.2)
      activesupport (= 3.2.22.2)
      arel (~> 3.0.2)
      tzinfo (~> 0.3.29)
    activeresource (3.2.22.2)
      activemodel (= 3.2.22.2)
      activesupport (= 3.2.22.2)
    activesupport (3.2.22.2)
      i18n (~> 0.6, >= 0.6.4)
      multi_json (~> 1.0)
    ansi (1.5.0)
    app_constants (1.0.5)
    arel (3.0.3)
    builder (3.0.4)
    clockwork (2.0.0)
      activesupport
      tzinfo
    coffee-rails (3.2.2)
      coffee-script (>= 2.2.0)
      railties (~> 3.2.0)
    coffee-script (2.4.1)
      coffee-script-source
      execjs
    coffee-script-source (1.10.0)
    concurrent-ruby (1.0.2)
    daemons (1.2.3)
    ebnf (1.0.1)
      rdf (~> 2.0)
      sxp (~> 1.0)
    equivalent-xml (0.6.0)
      nokogiri (>= 1.4.3)
    erubis (2.7.0)
    eventmachine (1.2.0.1)
    execjs (2.6.0)
    faraday (0.9.2)
      multipart-post (>= 1.2, < 3)
    gepub (0.6.9.2)
      nokogiri (~> 1.6.1)
      rubyzip (>= 1.1.1)
    haml (4.0.7)
      tilt
    haml-rails (0.4)
      actionpack (>= 3.1, < 4.1)
      activesupport (>= 3.1, < 4.1)
      haml (>= 3.1, < 4.1)
      railties (>= 3.1, < 4.1)
    hamster (3.0.0)
      concurrent-ruby (~> 1.0)
    hashie (3.4.4)
    hebrew (0.1.9)
    hike (1.2.3)
    htmlentities (4.3.4)
    i18n (0.7.0)
    journey (1.0.4)
    jquery-rails (3.1.4)
      railties (>= 3.0, < 5.0)
      thor (>= 0.14, < 2.0)
    jquery-ui-rails (4.0.5)
      railties (>= 3.1.0)
    json (1.8.3)
    json-ld (2.0.0.1)
      multi_json (~> 1.11)
      rdf (~> 2.0)
    jwt (1.5.4)
    kaminari (0.16.3)
      actionpack (>= 3.0.0)
      activesupport (>= 3.0.0)
    libv8 (3.16.14.15)
    link_header (0.0.8)
    linkeddata (1.1.1)
      equivalent-xml (>= 0.4.0)
      json-ld (>= 1.1.1)
      nokogiri (>= 1.6.1)
      rdf (>= 1.1.1)
      rdf-aggregate-repo (>= 1.1.0)
      rdf-isomorphic (>= 1.1.0)
      rdf-json (>= 1.1.0)
      rdf-microdata (>= 1.1.1)
      rdf-n3 (>= 1.1.0)
      rdf-rdfa (>= 1.1.1)
      rdf-rdfxml (>= 1.1.0)
      rdf-trig (>= 1.1.2)
      rdf-trix (>= 1.1.0)
      rdf-turtle (>= 1.1.2)
      sparql (>= 1.1.2)
      sparql-client (>= 1.1.1)
    mail (2.5.4)
      mime-types (~> 1.16)
      treetop (~> 1.4.8)
    mime-types (1.25.1)
    mini_portile2 (2.0.0)
    multi_json (1.12.0)
    multi_xml (0.5.5)
    multipart-post (2.0.0)
    mysql2 (0.3.21)
    net-dns2 (0.8.7)
      packetfu
    net-http-persistent (2.9.4)
    nokogiri (1.6.7.2)
      mini_portile2 (~> 2.0.0.rc2)
    oauth (0.5.1)
    oauth2 (1.0.0)
      faraday (>= 0.8, < 0.10)
      jwt (~> 1.0)
      multi_json (~> 1.3)
      multi_xml (~> 0.5)
      rack (~> 1.2)
    omniauth (1.3.1)
      hashie (>= 1.2, < 4)
      rack (>= 1.0, < 3)
    omniauth-google-oauth2 (0.4.1)
      jwt (~> 1.5.2)
      multi_json (~> 1.3)
      omniauth (>= 1.1.1)
      omniauth-oauth2 (>= 1.3.1)
    omniauth-oauth (1.1.0)
      oauth
      omniauth (~> 1.0)
    omniauth-oauth2 (1.4.0)
      oauth2 (~> 1.0)
      omniauth (~> 1.2)
    omniauth-twitter (1.2.1)
      json (~> 1.3)
      omniauth-oauth (~> 1.1)
    packetfu (1.1.10)
    paper_trail (4.0.2)
      activerecord (>= 3.0, < 6.0)
      activesupport (>= 3.0, < 6.0)
      request_store (~> 1.1)
    polyglot (0.3.5)
    project-honeypot (0.1.3)
      net-dns2
    rack (1.4.7)
    rack-cache (1.6.1)
      rack (>= 0.4)
    rack-ssl (1.3.4)
      rack
    rack-test (0.6.3)
      rack (>= 1.0)
    rails (3.2.22.2)
      actionmailer (= 3.2.22.2)
      actionpack (= 3.2.22.2)
      activerecord (= 3.2.22.2)
      activeresource (= 3.2.22.2)
      activesupport (= 3.2.22.2)
      bundler (~> 1.0)
      railties (= 3.2.22.2)
    railties (3.2.22.2)
      actionpack (= 3.2.22.2)
      activesupport (= 3.2.22.2)
      rack-ssl (~> 1.3.2)
      rake (>= 0.8.7)
      rdoc (~> 3.4)
      thor (>= 0.14.6, < 2.0)
    rake (11.1.2)
    rdf (2.0.1)
      hamster (~> 3.0)
      link_header (~> 0.0, >= 0.0.8)
    rdf-aggregate-repo (2.0.0)
      rdf (~> 2.0)
    rdf-isomorphic (2.0.0)
      rdf (~> 2.0)
    rdf-json (2.0.0)
      rdf (~> 2.0)
    rdf-microdata (2.0.3)
      htmlentities (~> 4.3)
      nokogiri (~> 1.6)
      rdf (~> 2.0)
      rdf-xsd (~> 2.0)
    rdf-n3 (2.0.0)
      rdf (~> 2.0)
    rdf-rdfa (2.0.0)
      haml (~> 4.0)
      htmlentities (~> 4.3)
      rdf (~> 2.0)
      rdf-aggregate-repo (~> 2.0)
      rdf-xsd (~> 2.0)
    rdf-rdfxml (2.0.0)
      htmlentities (~> 4.3)
      rdf (~> 2.0)
      rdf-rdfa (~> 2.0)
      rdf-xsd (~> 2.0)
    rdf-trig (2.0.0)
      ebnf (~> 1.0, >= 1.0.1)
      rdf (~> 2.0)
      rdf-turtle (~> 2.0)
    rdf-trix (2.0.0)
      rdf (~> 2.0)
    rdf-turtle (2.0.0)
      ebnf (~> 1.0, >= 1.0.1)
      rdf (~> 2.0)
    rdf-vocab (2.0.1)
      rdf (~> 2.0)
    rdf-xsd (2.0.0)
      rdf (~> 2.0)
    rdoc (3.12.2)
      json (~> 1.4)
    ref (2.0.0)
    request_store (1.3.1)
    rmagick (2.15.4)
    rmultimarkdown (4.7.1.1)
      bundler
    rubyzip (1.2.0)
    sass (3.4.22)
    sass-rails (3.2.6)
      railties (~> 3.2.0)
      sass (>= 3.1.10)
      tilt (~> 1.3)
    sparql (1.1.2.1)
      builder (>= 3.0)
      ebnf (>= 0.3.2)
      json (>= 1.7)
      rdf (>= 1.1.0)
      rdf-aggregate-repo (>= 1.1.0)
      rdf-xsd (>= 1.0.2)
      sparql-client (>= 1.1)
      sxp (>= 0.1.3)
    sparql-client (2.0.0)
      net-http-persistent (~> 2.9)
      rdf (~> 2.0)
    sprockets (2.2.3)
      hike (~> 1.2)
      multi_json (~> 1.0)
      rack (~> 1.0)
      tilt (~> 1.1, != 1.3.0)
    sxp (1.0.0)
      rdf (~> 2.0)
    therubyracer (0.12.2)
      libv8 (~> 3.16.14.0)
      ref
    thin (1.6.4)
      daemons (~> 1.0, >= 1.0.9)
      eventmachine (~> 1.0, >= 1.0.4)
      rack (~> 1.0)
    thor (0.19.1)
    tilt (1.4.1)
    treetop (1.4.15)
      polyglot
      polyglot (>= 0.3.1)
    turn (0.8.2)
      ansi (>= 1.2.2)
    tzinfo (0.3.49)
    uglifier (3.0.0)
      execjs (>= 0.3.0, < 3)

PLATFORMS
  ruby

DEPENDENCIES
  app_constants
  clockwork
  coffee-rails
  execjs
  gepub
  haml
  haml-rails
  hebrew
  htmlentities
  jquery-rails
  jquery-ui-rails (~> 4.0.4)
  kaminari
  linkeddata
  mysql2 (~> 0.3.11)
  nokogiri
  omniauth-google-oauth2
  omniauth-twitter
  paper_trail (~> 4.0.0)
  project-honeypot (>= 0.1.3)
  rails (~> 3.2.14)
  rdf-vocab
  rmagick
  rmultimarkdown
  sass-rails
  therubyracer
  thin
  turn (= 0.8.2)
  uglifier (>= 1.0.3)

BUNDLED WITH
   1.12.5
